GEM
  remote: https://rubygems.org/
  specs:
    coderay (1.1.3)
    colorize (0.8.1)
    method_source (1.0.0)
    pry (0.14.1)
      coderay (~> 1.1)
      method_source (~> 1.0)
    rake (13.0.6)

PLATFORMS
  universal-darwin-20
  x86_64-darwin-19

DEPENDENCIES
  colorize (~> 0.8.1)
  pry
  rake (~> 13.0.6)

BUNDLED WITH
   2.3.3
