GEM
  remote: https://rubygems.org/
  specs:
    ansi (1.5.0)
    builder (3.2.4)
    coderay (1.1.3)
    colorize (0.8.1)
    method_source (1.0.0)
    minitest (5.15.0)
    minitest-reporters (1.5.0)
      ansi
      builder
      minitest (>= 5.0)
      ruby-progressbar
    pry (0.14.1)
      coderay (~> 1.1)
      method_source (~> 1.0)
    rake (13.0.6)
    require_all (3.0.0)
    ruby-progressbar (1.11.0)

PLATFORMS
  universal-darwin-20
  x86_64-darwin-19

DEPENDENCIES
  colorize (~> 0.8.1)
  minitest (~> 5.14, >= 5.14.4)
  minitest-reporters (~> 1.5)
  pry
  rake (~> 13.0.6)
  require_all (~> 3.0)

BUNDLED WITH
   2.3.3
